PATH
  remote: .
  specs:
    rice-dining (0.2.5)
      colorize (~> 0.8)
      nokogiri (~> 1.8)

GEM
  remote: https://rubygems.org/
  specs:
    colorize (0.8.1)
    mini_portile2 (2.8.0)
    nokogiri (1.13.4)
      mini_portile2 (~> 2.8.0)
      racc (~> 1.4)
    racc (1.6.0)
    rake (12.3.1)

PLATFORMS
  ruby

DEPENDENCIES
  rake
  rice-dining!

BUNDLED WITH
   1.16.1
