PATH
  remote: .
  specs:
    rice-dining (0.2.5)
      colorize (~> 0.8)
      nokogiri (~> 1.8)

GEM
  remote: https://rubygems.org/
  specs:
    colorize (0.8.1)
    mini_portile2 (2.4.0)
    nokogiri (1.10.8)
      mini_portile2 (~> 2.4.0)
    rake (12.3.1)

PLATFORMS
  ruby

DEPENDENCIES
  rake
  rice-dining!

BUNDLED WITH
   1.16.1
