GIT
  remote: https://github.com/hone/ruby-git.git
  revision: 264836fcff3c037d8d8fc44bd770b150b46fdc4e
  branch: master
  specs:
    git (1.2.6)

GEM
  remote: https://rubygems.org/
  specs:
    activesupport (5.2.1)
      concurrent-ruby (~> 1.0, >= 1.0.2)
      i18n (>= 0.7, < 2)
      minitest (~> 5.1)
      tzinfo (~> 1.1)
    ansi (1.5.0)
    ci-queue (0.14.0)
      ansi
    concurrent-ruby (1.0.5)
    diff-lcs (1.3)
    erubis (2.7.0)
    excon (0.62.0)
    heroics (0.0.25)
      erubis (~> 2.0)
      excon
      moneta
      multi_json (>= 1.9.2)
    heroku_hatchet (4.0.5)
      excon (~> 0)
      minitest-retry (~> 0.1.9)
      platform-api (~> 2)
      repl_runner (~> 0.0.3)
      rrrretry (~> 1)
      thor (~> 0)
      threaded (~> 0)
    i18n (1.1.0)
      concurrent-ruby (~> 1.0)
    json (2.0.4)
    mini_portile2 (2.6.1)
    minitest (5.11.3)
    minitest-retry (0.1.9)
      minitest (>= 5.0)
    moneta (1.0.0)
    multi_json (1.13.1)
    netrc (0.11.0)
    nokogiri (1.12.5)
      mini_portile2 (~> 2.6.1)
      racc (~> 1.4)
    parallel (1.12.1)
    parallel_tests (2.23.0)
      parallel
    platform-api (2.2.0)
      heroics (~> 0.0.25)
      moneta (~> 1.0.0)
    racc (1.5.2)
    rack (2.0.5)
    rake (12.3.1)
    redis (4.0.2)
    repl_runner (0.0.3)
      activesupport
    rrrretry (1.0.0)
    rspec (3.8.0)
      rspec-core (~> 3.8.0)
      rspec-expectations (~> 3.8.0)
      rspec-mocks (~> 3.8.0)
    rspec-core (3.8.0)
      rspec-support (~> 3.8.0)
    rspec-expectations (3.8.1)
      diff-lcs (>= 1.2.0, < 2.0)
      rspec-support (~> 3.8.0)
    rspec-mocks (3.8.0)
      diff-lcs (>= 1.2.0, < 2.0)
      rspec-support (~> 3.8.0)
    rspec-retry (0.6.1)
      rspec-core (> 3.3)
    rspec-support (3.8.0)
    thor (0.20.0)
    thread_safe (0.3.6)
    threaded (0.0.4)
    tzinfo (1.2.5)
      thread_safe (~> 0.1)

PLATFORMS
  ruby

DEPENDENCIES
  ci-queue
  excon
  git!
  heroku_hatchet
  json (~> 2.0.2)
  netrc
  nokogiri
  parallel_tests
  rack (~> 2.0.1)
  rake
  redis
  rspec
  rspec-core
  rspec-expectations
  rspec-retry

BUNDLED WITH
   1.16.4
